GEM
  remote: http://rubygems.org/
  specs:
    minitest (2.8.0)

PLATFORMS
  ruby

DEPENDENCIES
  minitest (>= 2.3)
